PATH
  remote: .
  specs:
    spine-actions (0.1.0)
      rack (~> 1.6)
      spine-content_types (~> 0.1)

GEM
  remote: https://rubygems.org/
  specs:
    multi_json (1.11.2)
    rack (1.6.4)
    rake (10.5.0)
    spine-content_types (0.1.2)
      multi_json (~> 1.0)

PLATFORMS
  ruby

DEPENDENCIES
  bundler (~> 1.10)
  rake (~> 10.0)
  spine-actions!

BUNDLED WITH
   1.11.2
